GIT
  remote: git://github.com/academia-edu/people.git
  revision: 6c6b6f051259199eb5be7fa55760ab4733248c49
  specs:
    people (0.3.1)

PATH
  remote: .
  specs:
    humanname (0.4.0)
      helix_runtime (~> 0.6.0)

GEM
  remote: https://rubygems.org/
  specs:
    coderay (1.1.0)
    diff-lcs (1.2.5)
    helix_runtime (0.6.0)
      rake (>= 10.0)
      thor (~> 0.19.4)
    human_name_parser (1.0.1)
    method_source (0.8.2)
    namae (0.10.1)
    pry (0.10.3)
      coderay (~> 1.1.0)
      method_source (~> 0.8.1)
      slop (~> 3.4)
    rake (10.4.2)
    rspec (3.4.0)
      rspec-core (~> 3.4.0)
      rspec-expectations (~> 3.4.0)
      rspec-mocks (~> 3.4.0)
    rspec-core (3.4.1)
      rspec-support (~> 3.4.0)
    rspec-expectations (3.4.0)
      diff-lcs (>= 1.2.0, < 2.0)
      rspec-support (~> 3.4.0)
    rspec-mocks (3.4.0)
      diff-lcs (>= 1.2.0, < 2.0)
      rspec-support (~> 3.4.0)
    rspec-support (3.4.1)
    rubygems-tasks (0.2.4)
    slop (3.6.0)
    thor (0.19.4)

PLATFORMS
  ruby

DEPENDENCIES
  human_name_parser
  humanname!
  namae
  people!
  pry (~> 0.10.3)
  rake (~> 10.4.2)
  rspec (~> 3.4.0)
  rubygems-tasks (~> 0.2.4)

BUNDLED WITH
   1.11.2
