GIT
  remote: https://github.com/academia-edu/people
  revision: 6c6b6f051259199eb5be7fa55760ab4733248c49
  specs:
    people (0.3.1)

PATH
  remote: .
  specs:
    humanname (0.6.0-arm64-darwin-20)
      ffi (~> 1.15.1)

GEM
  remote: https://rubygems.org/
  specs:
    coderay (1.1.3)
    diff-lcs (1.5.0)
    ffi (1.15.5)
    human_name_parser (1.0.1)
    io-console (0.5.11)
    irb (1.4.1)
      reline (>= 0.3.0)
    method_source (0.8.2)
    namae (1.1.1)
    pry (0.10.4)
      coderay (~> 1.1.0)
      method_source (~> 0.8.1)
      slop (~> 3.4)
    rake (10.4.2)
    reline (0.3.1)
      io-console (~> 0.5)
    rspec (3.4.0)
      rspec-core (~> 3.4.0)
      rspec-expectations (~> 3.4.0)
      rspec-mocks (~> 3.4.0)
    rspec-core (3.4.4)
      rspec-support (~> 3.4.0)
    rspec-expectations (3.4.0)
      diff-lcs (>= 1.2.0, < 2.0)
      rspec-support (~> 3.4.0)
    rspec-mocks (3.4.1)
      diff-lcs (>= 1.2.0, < 2.0)
      rspec-support (~> 3.4.0)
    rspec-support (3.4.1)
    rubygems-tasks (0.2.5)
      irb (~> 1.0)
    slop (3.6.0)

PLATFORMS
  ruby

DEPENDENCIES
  human_name_parser
  humanname!
  namae
  people!
  pry (~> 0.10.3)
  rake (~> 10.4.2)
  rspec (~> 3.4.0)
  rubygems-tasks (~> 0.2.4)

BUNDLED WITH
   2.1.4
